GEM
  remote: https://rubygems.org/
  specs:
    backports (3.17.1)
    multi_json (1.14.1)
    mustermann (1.1.1)
      ruby2_keywords (~> 0.0.1)
    puma (3.8.2)
    rack (2.2.2)
    rack-protection (2.0.8.1)
      rack
    ruby2_keywords (0.0.2)
    sequel (4.46.0)
    sinatra (2.0.8.1)
      mustermann (~> 1.0)
      rack (~> 2.0)
      rack-protection (= 2.0.8.1)
      tilt (~> 2.0)
    sinatra-contrib (2.0.8.1)
      backports (>= 2.8.2)
      multi_json
      mustermann (~> 1.0)
      rack-protection (= 2.0.8.1)
      sinatra (= 2.0.8.1)
      tilt (~> 2.0)
    sqlite3 (1.3.13)
    tilt (2.0.10)

PLATFORMS
  ruby

DEPENDENCIES
  puma
  sequel
  sinatra
  sinatra-contrib
  sqlite3

BUNDLED WITH
   1.15.0
